PATH
  remote: .
  specs:
    eurydice (1.1.0.b4-java)
      pelops-jars (>= 1.2.9)

GEM
  remote: http://rubygems.org/
  specs:
    bouncy-castle-java (1.5.0146.1)
    cassandra-jars (1.0.0-java)
    diff-lcs (1.1.2)
    jruby-openssl (0.7.4)
      bouncy-castle-java
    pelops-jars (1.3.0.b3-java)
      cassandra-jars (~> 1.0.0)
    rake (0.9.2)
    rspec (2.6.0)
      rspec-core (~> 2.6.0)
      rspec-expectations (~> 2.6.0)
      rspec-mocks (~> 2.6.0)
    rspec-core (2.6.4)
    rspec-expectations (2.6.0)
      diff-lcs (~> 1.1.2)
    rspec-mocks (2.6.0)

PLATFORMS
  java

DEPENDENCIES
  eurydice!
  jruby-openssl
  pelops-jars (= 1.3.0.b3)
  rake
  rspec
