PATH
  remote: .
  specs:
    eurydice (1.0.0-java)
      pelops-jars (= 1.2)

PATH
  remote: ext/cassandra-jars
  specs:
    cassandra-jars (0.8.0-java)

PATH
  remote: ext/pelops-jars
  specs:
    pelops-jars (1.2-java)
      cassandra-jars (~> 0.8.0)

GEM
  remote: http://rubygems.org/
  specs:
    bouncy-castle-java (1.5.0146.1)
    diff-lcs (1.1.2)
    jruby-openssl (0.7.4)
      bouncy-castle-java
    rake (0.9.2)
    rspec (2.6.0)
      rspec-core (~> 2.6.0)
      rspec-expectations (~> 2.6.0)
      rspec-mocks (~> 2.6.0)
    rspec-core (2.6.4)
    rspec-expectations (2.6.0)
      diff-lcs (~> 1.1.2)
    rspec-mocks (2.6.0)

PLATFORMS
  java

DEPENDENCIES
  cassandra-jars!
  eurydice!
  jruby-openssl
  pelops-jars!
  rake
  rspec
