PATH
  remote: .
  specs:
    eurydice (1.2.1-java)
      pelops-jars (>= 1.3.0)

GEM
  remote: http://rubygems.org/
  specs:
    bouncy-castle-java (1.5.0146.1)
    cassandra-jars (1.0.0-java)
    diff-lcs (1.1.3)
    jruby-openssl (0.7.4)
      bouncy-castle-java
    pelops-jars (1.3.0-java)
      cassandra-jars (~> 1.0.0)
    rake (0.9.2)
    rspec (2.7.0)
      rspec-core (~> 2.7.0)
      rspec-expectations (~> 2.7.0)
      rspec-mocks (~> 2.7.0)
    rspec-core (2.7.1)
    rspec-expectations (2.7.0)
      diff-lcs (~> 1.1.2)
    rspec-mocks (2.7.0)

PLATFORMS
  java

DEPENDENCIES
  eurydice!
  jruby-openssl
  rake
  rspec (= 2.7.0)
