PATH
  remote: .
  specs:
    eurydice (1.2.3-java)
      astyanax-jars (>= 0.8.0)
      pelops-jars (>= 1.3.0)

PATH
  remote: ../jar-gems/astyanax-jars
  specs:
    astyanax-jars (0.8.10.1-java)
      cassandra-jars (~> 1.0)
      guava-jars (~> 11)
      joda-time-jars (~> 2.0)

GEM
  remote: http://rubygems.org/
  specs:
    bouncy-castle-java (1.5.0146.1)
    cassandra-jars (1.0.0-java)
    diff-lcs (1.1.3)
    guava-jars (11.0.1-java)
    joda-time-jars (2.0.0-java)
    jruby-openssl (0.7.4)
      bouncy-castle-java
    pelops-jars (1.3.0-java)
      cassandra-jars (~> 1.0.0)
    rake (0.9.2)
    rspec (2.7.0)
      rspec-core (~> 2.7.0)
      rspec-expectations (~> 2.7.0)
      rspec-mocks (~> 2.7.0)
    rspec-core (2.7.1)
    rspec-expectations (2.7.0)
      diff-lcs (~> 1.1.2)
    rspec-mocks (2.7.0)

PLATFORMS
  java

DEPENDENCIES
  astyanax-jars!
  eurydice!
  jruby-openssl
  rake
  rspec (= 2.7.0)
